GEM
  remote: https://rubygems.org/
  specs:
    adsf (1.1.1)
      rack (>= 1.0.0)
    coffee-script (2.2.0)
      coffee-script-source
      execjs
    coffee-script-source (1.6.2)
    colored (1.2)
    cri (2.3.0)
      colored (>= 1.2)
    execjs (1.4.0)
      multi_json (~> 1.0)
    multi_json (1.7.5)
    nanoc (3.6.4)
      cri (~> 2.3)
    rack (1.5.2)
    redcarpet (2.3.0)

PLATFORMS
  ruby

DEPENDENCIES
  adsf
  coffee-script
  nanoc
  redcarpet
